GEM
  remote: https://rubygems.org/
  specs:
    coderay (1.1.3)
    csv (3.2.7)
    date (3.3.3)
    mail (2.8.1)
      mini_mime (>= 0.1.1)
      net-imap
      net-pop
      net-smtp
    method_source (1.0.0)
    mini_mime (1.1.5)
    net-imap (0.3.7)
      date
      net-protocol
    net-pop (0.1.2)
      net-protocol
    net-protocol (0.2.1)
      timeout
    net-smtp (0.3.3)
      net-protocol
    pry (0.14.2)
      coderay (~> 1.1)
      method_source (~> 1.0)
    timeout (0.4.0)

PLATFORMS
  x86_64-darwin-21

DEPENDENCIES
  csv
  mail
  pry

BUNDLED WITH
   2.3.3
